GIT
  remote: https://github.com/benprew/pony.git
  revision: 179c931dfd2dae48fbfdf5af887930dd734f3566
  specs:
    pony (1.4)
      mail (> 2.0)

GEM
  remote: https://rubygems.org/
  specs:
    builder (3.2.0)
    i18n (0.6.4)
    jwt (0.1.8)
      multi_json (>= 1.5)
    mail (2.5.3)
      i18n (>= 0.4.0)
      mime-types (~> 1.16)
      treetop (~> 1.4.8)
    mime-types (1.22)
    multi_json (1.7.2)
    polyglot (0.3.3)
    treetop (1.4.12)
      polyglot
      polyglot (>= 0.3.1)
    twilio-ruby (3.9.0)
      builder (>= 2.1.2)
      jwt (>= 0.1.2)
      multi_json (>= 1.3.0)

PLATFORMS
  ruby

DEPENDENCIES
  pony!
  twilio-ruby
